GEM
  remote: https://rubygems.org/
  specs:
    activemodel (7.0.3.1)
      activesupport (= 7.0.3.1)
    activesupport (7.0.3.1)
      concurrent-ruby (~> 1.0, >= 1.0.2)
      i18n (>= 1.6, < 2)
      minitest (>= 5.1)
      tzinfo (~> 2.0)
    backports (3.17.2)
    concurrent-ruby (1.1.10)
    ethon (0.15.0)
      ffi (>= 1.15.0)
    faraday (0.17.5)
      multipart-post (>= 1.2, < 3)
    faraday_middleware (0.10.1)
      faraday (>= 0.7.4, < 1.0)
    faraday_middleware-multi_json (0.0.6)
      faraday_middleware
      multi_json
    ffi (1.15.5)
    haml (5.1.2)
      temple (>= 0.8.0)
      tilt
    httpclient (2.8.3)
    i18n (1.12.0)
      concurrent-ruby (~> 1.0)
    json (2.6.2)
    minitest (5.16.2)
    multi_json (1.15.0)
    multipart-post (2.2.3)
    mustermann (1.1.1)
      ruby2_keywords (~> 0.0.1)
    neo4j (8.2.1)
      activemodel (>= 4.0)
      activesupport (>= 4.0)
      neo4j-core (>= 7.2.2)
      orm_adapter (~> 0.5.0)
    neo4j-core (7.2.3)
      activesupport (>= 4.0)
      faraday (>= 0.9.0)
      faraday_middleware (~> 0.10.0)
      faraday_middleware-multi_json
      httpclient
      json
      multi_json
      neo4j-rake_tasks (>= 0.3.0)
      typhoeus (>= 1.1.2)
    neo4j-rake_tasks (0.7.19)
      os
      rake
      ruby-progressbar
      rubyzip (>= 1.1.7)
    nio4r (2.5.2)
    orm_adapter (0.5.0)
    os (1.1.4)
    puma (4.3.5)
      nio4r (~> 2.0)
    rack (2.2.3)
    rack-protection (2.0.8)
      rack
    rake (13.0.6)
    ruby-progressbar (1.11.0)
    ruby2_keywords (0.0.2)
    rubyzip (2.3.2)
    sinatra (2.0.8)
      mustermann (~> 1.0)
      rack (~> 2.0)
      rack-protection (= 2.0.8)
      tilt (~> 2.0)
    sinatra-contrib (2.0.8)
      backports (>= 2.8.2)
      multi_json
      mustermann (~> 1.0)
      rack-protection (= 2.0.8)
      sinatra (= 2.0.8)
      tilt (~> 2.0)
    temple (0.8.2)
    tilt (2.0.10)
    typhoeus (1.4.0)
      ethon (>= 0.9.0)
    tzinfo (2.0.5)
      concurrent-ruby (~> 1.0)

PLATFORMS
  ruby

DEPENDENCIES
  activemodel (>= 5.2.4.3)
  haml
  neo4j (= 8.2.1)
  neo4j-core (= 7.2.3)
  puma (= 4.3.5)
  sinatra (= 2.0.8)
  sinatra-contrib (>= 2.0.8)

BUNDLED WITH
   2.1.4
